GEM
  remote: http://rubygems.org/
  specs:
    addressable (2.8.1)
      public_suffix (>= 2.0.2, < 6.0)
    builder (3.0.0)
    cucumber (1.1.4)
      builder (>= 2.1.2)
      diff-lcs (>= 1.1.2)
      gherkin (~> 2.7.1)
      json (>= 1.4.6)
      term-ansicolor (>= 1.0.6)
    diff-lcs (1.1.3)
    gherkin (2.7.7)
      json (>= 1.4.6)
    git (1.13.1)
      addressable (~> 2.8)
      rchardet (~> 1.8)
    jeweler (1.8.3)
      bundler (~> 1.0)
      git (>= 1.2.5)
      rake
      rdoc
    json (2.6.1)
    multi_json (1.0.4)
    public_suffix (5.0.1)
    rake (13.0.1)
    rchardet (1.8.0)
    rdoc (6.3.1)
    rspec (2.8.0)
      rspec-core (~> 2.8.0)
      rspec-expectations (~> 2.8.0)
      rspec-mocks (~> 2.8.0)
    rspec-core (2.8.0)
    rspec-expectations (2.8.0)
      diff-lcs (~> 1.1.2)
    rspec-mocks (2.8.0)
    simplecov (0.5.4)
      multi_json (~> 1.0.3)
      simplecov-html (~> 0.5.3)
    simplecov-html (0.5.3)
    term-ansicolor (1.0.7)
    yard (0.9.35)

PLATFORMS
  ruby

DEPENDENCIES
  bundler (>= 1.0.0)
  cucumber
  jeweler (>= 1.8.3)
  rdoc (>= 3.12)
  rspec (>= 2.8.0)
  simplecov
  yard (>= 0.7)

BUNDLED WITH
   1.10.6
